GEM
  remote: https://rubygems.org/
  specs:
    ast (2.4.2)
    async (2.0.3)
      console (~> 1.10)
      io-event (~> 1.0.0)
      timers (~> 4.1)
    async-container (0.16.12)
      async
      async-io
    async-http (0.56.6)
      async (>= 1.25)
      async-io (>= 1.28)
      async-pool (>= 0.2)
      protocol-http (~> 0.22.0)
      protocol-http1 (~> 0.14.0)
      protocol-http2 (~> 0.14.0)
      traces (~> 0.4.0)
    async-http-cache (0.4.2)
      async-http (~> 0.56)
    async-io (1.33.0)
      async
    async-pool (0.3.10)
      async (>= 1.25)
    build-environment (1.13.0)
    coderay (1.1.3)
    console (1.15.3)
      fiber-local
    crass (1.0.6)
    diff-lcs (1.5.0)
    falcon (0.39.2)
      async
      async-container (~> 0.16.0)
      async-http (~> 0.56.0)
      async-http-cache (~> 0.4.0)
      async-io (~> 1.22)
      build-environment (~> 1.13)
      bundler
      localhost (~> 1.1)
      process-metrics (~> 0.2.0)
      rack (>= 1.0)
      samovar (~> 2.1)
    fiber-local (1.0.0)
    io-event (1.0.9)
    localhost (1.1.9)
    mapping (1.1.1)
    method_source (1.0.0)
    multi_json (1.15.0)
    mustermann (1.1.1)
      ruby2_keywords (~> 0.0.1)
    netrc (0.11.0)
    parallel (1.22.1)
    parser (3.1.2.0)
      ast (~> 2.4.1)
    process-metrics (0.2.1)
      console (~> 1.8)
      samovar (~> 2.1)
    protocol-hpack (1.4.2)
    protocol-http (0.22.6)
    protocol-http1 (0.14.4)
      protocol-http (~> 0.22)
    protocol-http2 (0.14.2)
      protocol-hpack (~> 1.4)
      protocol-http (~> 0.18)
    pry (0.14.1)
      coderay (~> 1.1)
      method_source (~> 1.0)
    rack (2.2.4)
    rack-protection (2.2.0)
      rack
    rack-test (2.0.2)
      rack (>= 1.3)
    rbi (0.0.15)
      ast
      parser (>= 2.6.4.0)
      sorbet-runtime (>= 0.5.9204)
      unparser
    ruby2_keywords (0.0.5)
    rux (1.0.3)
      parser (~> 3.0)
      unparser (~> 0.6)
    samovar (2.1.4)
      console (~> 1.0)
      mapping (~> 1.0)
    sinatra (2.2.0)
      mustermann (~> 1.0)
      rack (~> 2.2)
      rack-protection (= 2.2.0)
      tilt (~> 2.0)
    sinatra-contrib (2.2.0)
      multi_json
      mustermann (~> 1.0)
      rack-protection (= 2.2.0)
      sinatra (= 2.2.0)
      tilt (~> 2.0)
    sorbet (0.5.10145)
      sorbet-static (= 0.5.10145)
    sorbet-runtime (0.5.10145)
    sorbet-static (0.5.10145-universal-darwin-20)
    sorbet-static-and-runtime (0.5.10145)
      sorbet (= 0.5.10145)
      sorbet-runtime (= 0.5.10145)
    spoom (1.1.11)
      sorbet (>= 0.5.9204)
      sorbet-runtime (>= 0.5.9204)
      thor (>= 0.19.2)
    tapioca (0.9.0)
      bundler (>= 1.17.3)
      netrc (>= 0.11.0)
      parallel (>= 1.21.0)
      pry (>= 0.12.2)
      rbi (~> 0.0.0, >= 0.0.14)
      sorbet-static-and-runtime (>= 0.5.9204)
      spoom (~> 1.1.0, >= 1.1.11)
      thor (>= 1.2.0)
      yard-sorbet
    thor (1.2.1)
    tilt (2.0.10)
    timers (4.3.3)
    traces (0.4.1)
    unparser (0.6.5)
      diff-lcs (~> 1.3)
      parser (>= 3.1.0)
    webrick (1.7.0)
    yard (0.9.28)
      webrick (~> 1.7.0)
    yard-sorbet (0.6.1)
      sorbet-runtime (>= 0.5)
      yard (>= 0.9)

PLATFORMS
  x86_64-darwin-20

DEPENDENCIES
  crass
  falcon
  pry
  rack-test
  rux
  sinatra
  sinatra-contrib
  sorbet
  sorbet-runtime
  tapioca

BUNDLED WITH
   2.3.11
